GEM
  remote: http://rubygems.org/
  specs:
    diff-lcs (1.1.2)
    grit (2.4.1)
      diff-lcs (~> 1.1)
      mime-types (~> 1.15)
    guard (0.3.4)
      thor (~> 0.14.6)
    mime-types (1.16)
    pamela (0.1)
    thor (0.14.6)

PLATFORMS
  ruby

DEPENDENCIES
  grit
  guard
  pamela
