GEM
  remote: http://rubygems.org/
  specs:
    diff-lcs (1.1.2)
    eventmachine (0.12.10)
    ffi (1.0.7)
      rake (>= 0.8.7)
    grit (2.4.1)
      diff-lcs (~> 1.1)
      mime-types (~> 1.15)
    growl (1.0.3)
    guard (0.3.4)
      thor (~> 0.14.6)
    libnotify (0.5.0)
      ffi (>= 0.6.2)
    mime-types (1.16)
    pamela (0.1)
    posix-spawn (0.3.6)
    rake (0.8.7)
    rb-fsevent (0.4.0)
    rb-inotify (0.8.4)
      ffi (>= 0.5.0)
    thor (0.14.6)

PLATFORMS
  ruby

DEPENDENCIES
  eventmachine
  grit
  growl
  guard
  libnotify
  pamela
  posix-spawn
  rb-fsevent
  rb-inotify
